GEM
  remote: https://rubygems.org/
  specs:
    RedCloth (4.3.0)
    chunky_png (1.2.5)
    classifier (1.3.5)
      fast-stemmer (~> 1.0.0)
      mathn
      rake
    compass (0.12.2)
      chunky_png (~> 1.2)
      fssm (>= 0.2.7)
      sass (~> 3.1)
    directory_watcher (1.4.1)
    fast-stemmer (1.0.2)
    fssm (0.2.9)
    haml (5.1.1)
      temple (>= 0.8.0)
      tilt
    jekyll (0.12.1)
      classifier (~> 1.3)
      directory_watcher (~> 1.1)
      kramdown (~> 0.14)
      liquid (~> 2.3)
      maruku (~> 0.5)
      pygments.rb (~> 0.3.2)
    kramdown (0.14.2)
    liquid (2.6.3)
    maruku (0.7.3)
    mathn (0.1.0)
    mustermann (1.1.2)
      ruby2_keywords (~> 0.0.1)
    posix-spawn (0.3.13)
    pygments.rb (0.3.7)
      posix-spawn (~> 0.3.6)
      yajl-ruby (~> 1.1.0)
    rack (2.2.9)
    rack-protection (2.0.8.1)
      rack
    rake (12.3.2)
    rb-fsevent (0.10.3)
    rdiscount (2.0.7.3)
    ruby2_keywords (0.0.5)
    rubypants (0.2.0)
    sass (3.2.9)
    sass-globbing (1.1.5)
      sass (>= 3.1)
    sinatra (2.0.8.1)
      mustermann (~> 1.0)
      rack (~> 2.0)
      rack-protection (= 2.0.8.1)
      tilt (~> 2.0)
    stringex (1.4.0)
    temple (0.8.1)
    tilt (2.4.0)
    yajl-ruby (1.1.0)

PLATFORMS
  ruby

DEPENDENCIES
  RedCloth (~> 4.3.0)
  compass (~> 0.12.2)
  directory_watcher (= 1.4.1)
  haml (~> 5.1.1)
  jekyll (~> 0.12)
  liquid (~> 2.6.3)
  pygments.rb (~> 0.3.4)
  rake (~> 12.3)
  rb-fsevent (~> 0.10)
  rdiscount (~> 2.0.7)
  rubypants (~> 0.2.0)
  sass (~> 3.2)
  sass-globbing (~> 1.1.5)
  sinatra (~> 2.0.0)
  stringex (~> 1.4.0)

BUNDLED WITH
   2.1.4
